GEM
  remote: https://rubygems.org/
  specs:
    diff-lcs (1.1.3)
    gemcutter (0.7.1)
    metaclass (0.0.1)
    mocha (0.10.3)
      metaclass (~> 0.0.1)
    rspec (2.9.0)
      rspec-core (~> 2.9.0)
      rspec-expectations (~> 2.9.0)
      rspec-mocks (~> 2.9.0)
    rspec-core (2.9.0)
    rspec-expectations (2.9.1)
      diff-lcs (~> 1.1.3)
    rspec-mocks (2.9.0)

PLATFORMS
  ruby

DEPENDENCIES
  gemcutter
  mocha
  rspec
